GIT
  remote: https://github.com/guyboertje/jmongo.git
  revision: be79539cf05ba5f051fe8fffd99a225926832425
  specs:
    jmongo (0.1.6)

PATH
  remote: .
  specs:
    mongo-i18n (0.0.3)
      bson_ext
      hashery
      i18n
      jmongo
      mongo

GEM
  remote: http://rubygems.org/
  specs:
    bson (1.3.1)
    bson (1.3.1-java)
    bson_ext (1.3.1)
    diff-lcs (1.1.2)
    hashery (1.4.0)
    i18n (0.6.0)
    mongo (1.3.1)
      bson (>= 1.3.1)
    rspec (2.3.0)
      rspec-core (~> 2.3.0)
      rspec-expectations (~> 2.3.0)
      rspec-mocks (~> 2.3.0)
    rspec-core (2.3.1)
    rspec-expectations (2.3.0)
      diff-lcs (~> 1.1.2)
    rspec-mocks (2.3.0)

PLATFORMS
  java
  ruby

DEPENDENCIES
  jmongo!
  mongo-i18n!
  rspec (~> 2.3.0)
